GEM
  remote: http://rubygems.org/
  specs:
    fakefs (0.4.2)

PLATFORMS
  ruby

DEPENDENCIES
  fakefs (~> 0.4.2)
